{
	"TaskName": "ssvep",
	"Manufacturer": "NeuSenW (Neuracle)",
	"PowerLineFrequency": 50.0,
	"SamplingFrequency": 250.0,
	"SoftwareFilters": "n/a",
	"RecordingDuration": 863.996,
	"RecordingType": "continuous",
	"EEGReference": "Fp1",
	"EEGGround": "Fp2",
	"EEGPlacementScheme": "10-05 system",
	"EEGChannelCount": 8,
	"EOGChannelCount": 0,
	"ECGChannelCount": 0,
	"EMGChannelCount": 0,
	"TriggerChannelCount": 0,
	"ManufacturersModelName": "NeuSenW (Neuracle)",
	"HardwareFilters": "n/a",
	"Instructions": "n/a",
	"InstitutionName": "Jiangsu JITRI Brain Machine Fusion Intelligence Institute",
	"InstitutionAddress": "CN",
	"InstitutionalDepartmentName": "n/a",
	"CapManufacturer": "n/a",
	"CapManufacturersModelName": "n/a",
	"SubjectArtefactDescription": "n/a",
	"DeviceSerialNumber": "n/a",
	"Description": "EEG recording.",
	"MISCChannelCount": 0
}